PATH
  remote: .
  specs:
    unleash-incognia (0.1.0)
      unleash (~> 3.2)

GEM
  remote: https://rubygems.org/
  specs:
    diff-lcs (1.4.4)
    murmurhash3 (0.1.6)
    rake (13.0.6)
    rspec (3.10.0)
      rspec-core (~> 3.10.0)
      rspec-expectations (~> 3.10.0)
      rspec-mocks (~> 3.10.0)
    rspec-core (3.10.1)
      rspec-support (~> 3.10.0)
    rspec-expectations (3.10.1)
      diff-lcs (>= 1.2.0, < 2.0)
      rspec-support (~> 3.10.0)
    rspec-mocks (3.10.2)
      diff-lcs (>= 1.2.0, < 2.0)
      rspec-support (~> 3.10.0)
    rspec-support (3.10.2)
    unleash (3.2.5)
      murmurhash3 (~> 0.1.6)

PLATFORMS
  x86_64-linux

DEPENDENCIES
  rake (~> 13.0)
  rspec (~> 3.0)
  unleash-incognia!

BUNDLED WITH
   2.2.3
